GEM
  remote: https://rubygems.org/
  specs:
    activesupport (3.2.19)
      i18n (~> 0.6, >= 0.6.4)
      multi_json (~> 1.0)
    asciidoctor (1.5.1)
    asciidoctor-doctest (1.0.0.rc.2)
      activesupport (~> 3.1)
      asciidoctor (~> 1.5)
      colorize (~> 0.6)
      diffy (~> 3.0)
      htmlbeautifier (~> 0.0, >= 0.0.10)
      minitest (~> 5.4)
      minitest-rg (~> 5.1)
      nokogiri (~> 1.6)
    coderay (1.1.0)
    colorize (0.7.3)
    diffy (3.0.7)
    haml (4.0.5)
      tilt
    htmlbeautifier (0.0.10)
    i18n (0.6.11)
    mini_portile (0.6.0)
    minitest (5.4.2)
    minitest-rg (5.1.0)
      minitest (~> 5.0)
    multi_json (1.10.1)
    nokogiri (1.6.3.1)
      mini_portile (= 0.6.0)
    posix-spawn (0.3.9)
    pygments.rb (0.6.0)
      posix-spawn (~> 0.3.6)
      yajl-ruby (~> 1.1.0)
    rake (10.3.2)
    slim (2.1.0)
      temple (~> 0.6.9)
      tilt (>= 1.3.3, < 2.1)
    temple (0.6.9)
    thread_safe (0.3.4)
    tilt (2.0.1)
    yajl-ruby (1.1.0)

PLATFORMS
  ruby

DEPENDENCIES
  activesupport (~> 3.1)
  asciidoctor (~> 1.5)
  asciidoctor-doctest (= 1.0.0.rc.2)
  coderay (~> 1.1)
  haml (~> 4.0)
  minitest (~> 5.4)
  minitest-rg (~> 5.1)
  pygments.rb (~> 0.6)
  rake (~> 10.0)
  slim (~> 2.0)
  thread_safe (~> 0.3.4)
  tilt (~> 2.0)
